PATH
  remote: .
  specs:
    139_project (1.0.0)

GEM
  remote: https://rubygems.org/
  specs:
    ansi (1.5.0)
    builder (3.2.4)
    minitest (5.20.0)
    minitest-reporters (1.6.1)
      ansi
      builder
      minitest (>= 5.0)
      ruby-progressbar
    rake (13.1.0)
    ruby-progressbar (1.13.0)

PLATFORMS
  x86_64-darwin-20

DEPENDENCIES
  139_project!
  minitest (~> 5.10)
  minitest-reporters (~> 1.1)
  rake

RUBY VERSION
   ruby 3.1.0p0

BUNDLED WITH
   2.4.22
